GEM
  remote: http://rubygems.org/
  specs:
    activemodel (3.0.3)
      activesupport (= 3.0.3)
      builder (~> 2.1.2)
      i18n (~> 0.4)
    activerecord (3.0.3)
      activemodel (= 3.0.3)
      activesupport (= 3.0.3)
      arel (~> 2.0.2)
      tzinfo (~> 0.3.23)
    activesupport (3.0.3)
    arel (2.0.4)
    bitly (0.5.3)
      crack (>= 0.1.4)
      httparty (>= 0.5.2)
    builder (2.1.2)
    crack (0.1.8)
    eventmachine (0.12.10)
    httparty (0.6.1)
      crack (= 0.1.8)
    i18n (0.5.0)
    json (1.4.6)
    koala (0.9.1)
      json
    mysql (2.8.1)
    rack (1.2.1)
    roauth (0.0.3)
    sinatra (1.1.0)
      rack (~> 1.1)
      tilt (~> 1.1)
    sqlite3-ruby (1.3.2)
    tilt (1.1)
    twitter-stream (0.1.10)
      eventmachine (>= 0.12.8)
      roauth (>= 0.0.2)
    tzinfo (0.3.23)
    yajl-ruby (0.7.8)

PLATFORMS
  ruby

DEPENDENCIES
  activerecord (~> 3.0.0)
  bitly
  koala (~> 0.9.1)
  mysql (~> 2.8.1)
  sinatra (~> 1.1.0)
  sqlite3-ruby
  twitter-stream
  yajl-ruby
